GEM
  remote: https://rubygems.org/
  specs:
    addressable (2.3.8)
    autoprefixer-rails (6.0.3)
      execjs
      json
    bourbon (4.2.6)
      sass (~> 3.4)
      thor (~> 0.19)
    coffee-script (2.4.1)
      coffee-script-source
      execjs
    coffee-script-source (1.9.1.1)
    colorator (0.1)
    execjs (2.6.0)
    fastimage (1.7.0)
      addressable (~> 2.3, >= 2.3.5)
    ffi (1.9.10)
    haml (4.0.7)
      tilt
    hike (1.2.3)
    jekyll (3.0.0)
      colorator (~> 0.1)
      jekyll-sass-converter (~> 1.0)
      jekyll-watch (~> 1.1)
      kramdown (~> 1.3)
      liquid (~> 3.0)
      mercenary (~> 0.3.3)
      rouge (~> 1.7)
      safe_yaml (~> 1.0)
    jekyll-assets (1.0.0)
      fastimage (~> 1.6)
      jekyll (>= 2)
      mini_magick (~> 4.1)
      sass (~> 3.2)
      sprockets (~> 2.10)
      sprockets-helpers
      sprockets-sass
    jekyll-assets-autoprefixer (1.0.0.pre.alpha3)
      autoprefixer-rails
      jekyll-assets (~> 1.0.0.pre.alpha0)
    jekyll-haml (0.1.2)
      haml (>= 3.0.0)
      jekyll (>= 0.10.0)
    jekyll-minimagick (0.0.3)
      jekyll (>= 0.10.0)
      mini_magick (>= 3.3)
    jekyll-sass-converter (1.3.0)
      sass (~> 3.2)
    jekyll-watch (1.3.0)
      listen (~> 3.0)
    json (1.8.3)
    kramdown (1.9.0)
    liquid (3.0.6)
    listen (3.0.3)
      rb-fsevent (>= 0.9.3)
      rb-inotify (>= 0.9)
    mercenary (0.3.5)
    mini_magick (4.3.6)
    multi_json (1.11.2)
    neat (1.7.2)
      bourbon (>= 4.0)
      sass (>= 3.3)
    proteus-kits (0.3)
      thor
    rack (1.6.4)
    rb-fsevent (0.9.6)
    rb-inotify (0.9.5)
      ffi (>= 0.5.0)
    rouge (1.10.1)
    safe_yaml (1.0.4)
    sass (3.4.19)
    sprockets (2.12.4)
      hike (~> 1.2)
      multi_json (~> 1.0)
      rack (~> 1.0)
      tilt (~> 1.1, != 1.3.0)
    sprockets-helpers (1.2.1)
      sprockets (>= 2.2)
    sprockets-sass (1.3.1)
      sprockets (~> 2.0)
      tilt (~> 1.1)
    thor (0.19.1)
    tilt (1.4.1)
    uglifier (2.7.2)
      execjs (>= 0.3.0)
      json (>= 1.8.0)

PLATFORMS
  ruby

DEPENDENCIES
  bourbon
  coffee-script
  jekyll
  jekyll-assets
  jekyll-assets-autoprefixer
  jekyll-haml
  jekyll-minimagick (= 0.0.3)
  mini_magick (= 4.3.6)
  neat
  proteus-kits (= 0.3)
  sass
  uglifier
